PATH
  remote: .
  specs:
    MovableInkAWS (0.1.8)
      aws-sdk (~> 2.11, >= 2.11.0)

GEM
  remote: https://rubygems.org/
  specs:
    aws-sdk (2.11.21)
      aws-sdk-resources (= 2.11.21)
    aws-sdk-core (2.11.21)
      aws-sigv4 (~> 1.0)
      jmespath (~> 1.0)
    aws-sdk-resources (2.11.21)
      aws-sdk-core (= 2.11.21)
    aws-sigv4 (1.0.2)
    diff-lcs (1.3)
    jmespath (1.3.1)
    rspec (3.6.0)
      rspec-core (~> 3.6.0)
      rspec-expectations (~> 3.6.0)
      rspec-mocks (~> 3.6.0)
    rspec-core (3.6.0)
      rspec-support (~> 3.6.0)
    rspec-expectations (3.6.0)
      diff-lcs (>= 1.2.0, < 2.0)
      rspec-support (~> 3.6.0)
    rspec-mocks (3.6.0)
      diff-lcs (>= 1.2.0, < 2.0)
      rspec-support (~> 3.6.0)
    rspec-support (3.6.0)

PLATFORMS
  ruby

DEPENDENCIES
  MovableInkAWS!
  rspec (~> 3.6)

BUNDLED WITH
   1.16.1
